GEM
  remote: http://rubygems.org/
  specs:
    activesupport (3.2.3)
      i18n (~> 0.6)
      multi_json (~> 1.0)
    addressable (2.2.7)
    crack (0.3.1)
    daemons (1.1.8)
    dalli (2.0.5)
    diff-lcs (1.1.3)
    eventmachine (0.12.10)
    faraday (0.7.6)
      addressable (~> 2.2)
      multipart-post (~> 1.1)
      rack (~> 1.1)
    geokit (1.6.5)
      multi_json
    i18n (0.6.0)
    json (1.5.4)
    json_spec (1.0.0)
      multi_json (~> 1.0)
      rspec (~> 2.0)
    multi_json (1.2.0)
    multipart-post (1.1.5)
    rack (1.4.1)
    rack-cache (1.2)
      rack (>= 0.4)
    rack-protection (1.2.0)
      rack
    rspec (2.9.0)
      rspec-core (~> 2.9.0)
      rspec-expectations (~> 2.9.0)
      rspec-mocks (~> 2.9.0)
    rspec-core (2.9.0)
    rspec-expectations (2.9.1)
      diff-lcs (~> 1.1.3)
    rspec-mocks (2.9.0)
    simple_oauth (0.1.5)
    sinatra (1.3.2)
      rack (~> 1.3, >= 1.3.6)
      rack-protection (~> 1.2)
      tilt (~> 1.3, >= 1.3.3)
    thin (1.3.1)
      daemons (>= 1.0.9)
      eventmachine (>= 0.12.6)
      rack (>= 1.0.0)
    tilt (1.3.3)
    time-ago-in-words (0.1.2)
    twitter (2.2.0)
      activesupport (>= 2.3.9, < 4)
      faraday (~> 0.7)
      multi_json (~> 1.0)
      simple_oauth (~> 0.1)
    webmock (1.8.6)
      addressable (>= 2.2.7)
      crack (>= 0.1.7)

PLATFORMS
  ruby

DEPENDENCIES
  dalli
  geokit
  json
  json_spec
  rack-cache
  rspec
  sinatra (= 1.3.2)
  thin (= 1.3.1)
  time-ago-in-words (~> 0.1.2)
  twitter (~> 2.2.0)
  webmock
